GEM
  remote: https://rubygems.org/
  specs:
    atk (3.4.1)
      glib2 (= 3.4.1)
    cairo (1.16.5)
      native-package-installer (>= 1.0.3)
      pkg-config (>= 1.2.2)
    cairo-gobject (3.4.1)
      cairo (>= 1.16.2)
      glib2 (= 3.4.1)
    gdk3 (3.4.1)
      cairo-gobject (= 3.4.1)
      gdk_pixbuf2 (= 3.4.1)
      pango (= 3.4.1)
    gdk_pixbuf2 (3.4.1)
      gio2 (= 3.4.1)
    gio2 (3.4.1)
      gobject-introspection (= 3.4.1)
    glib2 (3.4.1)
      native-package-installer (>= 1.0.3)
      pkg-config (>= 1.3.5)
    gobject-introspection (3.4.1)
      glib2 (= 3.4.1)
    gtk3 (3.4.1)
      atk (= 3.4.1)
      gdk3 (= 3.4.1)
      gdk_pixbuf2 (= 3.4.1)
      gio2 (= 3.4.1)
      pango (= 3.4.1)
    native-package-installer (1.0.9)
    pango (3.4.1)
      cairo-gobject (= 3.4.1)
      gobject-introspection (= 3.4.1)
    pkg-config (1.4.1)

PLATFORMS
  ruby

DEPENDENCIES
  gtk3

RUBY VERSION
   ruby 2.7.1p83

BUNDLED WITH
   2.1.4
