GIT
  remote: https://github.com/cre-ne-jp/cinch-test
  revision: c29e33a495b007061acf76e9edbb81e7a4f2a34c
  specs:
    cinch-test (0.1.3)

GEM
  remote: https://rubygems.org/
  specs:
    activesupport (6.1.7.1)
      concurrent-ruby (~> 1.0, >= 1.0.2)
      i18n (>= 1.6, < 2)
      minitest (>= 5.1)
      tzinfo (~> 2.0)
      zeitwerk (~> 2.3)
    ast (2.4.1)
    atk (3.4.3)
      glib2 (= 3.4.3)
    byebug (11.1.3)
    cairo (1.16.6)
      native-package-installer (>= 1.0.3)
      pkg-config (>= 1.2.2)
    cairo-gobject (3.4.3)
      cairo (>= 1.16.2)
      glib2 (= 3.4.3)
    concurrent-ruby (1.1.10)
    gdk3 (3.4.3)
      cairo-gobject (= 3.4.3)
      gdk_pixbuf2 (= 3.4.3)
      pango (= 3.4.3)
    gdk_pixbuf2 (3.4.3)
      gio2 (= 3.4.3)
    gio2 (3.4.3)
      gobject-introspection (= 3.4.3)
    glib2 (3.4.3)
      native-package-installer (>= 1.0.3)
      pkg-config (>= 1.3.5)
    gobject-introspection (3.4.3)
      glib2 (= 3.4.3)
    gtk3 (3.4.3)
      atk (= 3.4.3)
      gdk3 (= 3.4.3)
      gdk_pixbuf2 (= 3.4.3)
      gio2 (= 3.4.3)
      pango (= 3.4.3)
    i18n (1.12.0)
      concurrent-ruby (~> 1.0)
    mcinch (2.4.1)
    minitest (5.17.0)
    native-package-installer (1.0.9)
    pango (3.4.3)
      cairo-gobject (= 3.4.3)
      gobject-introspection (= 3.4.3)
    parallel (1.19.2)
    parser (2.7.1.4)
      ast (~> 2.4.1)
    pkg-config (1.4.1)
    power_assert (1.2.0)
    rainbow (3.0.0)
    rake (13.0.1)
    redcarpet (3.5.0)
    regexp_parser (1.7.1)
    rexml (3.2.4)
    rubocop (0.88.0)
      parallel (~> 1.10)
      parser (>= 2.7.1.1)
      rainbow (>= 2.2.2, < 4.0)
      regexp_parser (>= 1.7)
      rexml
      rubocop-ast (>= 0.1.0, < 1.0)
      ruby-progressbar (~> 1.7)
      unicode-display_width (>= 1.4.0, < 2.0)
    rubocop-ast (0.2.0)
      parser (>= 2.7.0.1)
    ruby-progressbar (1.10.1)
    test-unit (3.3.6)
      power_assert
    tzinfo (2.0.5)
      concurrent-ruby (~> 1.0)
    unicode-display_width (1.7.0)
    yard (0.9.25)
    zeitwerk (2.6.6)

PLATFORMS
  ruby

DEPENDENCIES
  activesupport
  byebug
  cinch-test!
  gtk3
  mcinch (>= 2.4)
  rake
  redcarpet
  rubocop
  test-unit
  yard

RUBY VERSION
   ruby 2.7.1p83

BUNDLED WITH
   2.1.4
